GEM
  remote: http://rubygems.org/
  specs:
    bio (1.4.3)
    nokogiri (1.5.5-x86-mingw32)
    sequel (3.45.0)
    slim (1.3.4)
      temple (~> 0.5.5)
      tilt (~> 1.3.3)
    sqlite3 (1.3.7-x86-mingw32)
    temple (0.5.5)
    tilt (1.3.3)

PLATFORMS
  x86-mingw32

DEPENDENCIES
  bio (~> 1.4.3)
  nokogiri (~> 1.5.0)
  sequel
  slim (~> 1.3.4)
  sqlite3
