GEM
  remote: http://rubygems.org/
  specs:
    bio (1.4.3)
    nokogiri (1.5.5-x86-mingw32)

PLATFORMS
  x86-mingw32

DEPENDENCIES
  bio (~> 1.4.3)
  nokogiri (~> 1.5.0)
