GEM
  remote: http://rubygems.org/
  specs:
    bio (1.4.3)
    nokogiri (1.5.5)
    nokogiri (1.5.5-x86-mingw32)
    rack (1.4.1)
    rack-protection (1.2.0)
      rack
    rubyzip (0.9.9)
    sinatra (1.3.2)
      rack (~> 1.3, >= 1.3.6)
      rack-protection (~> 1.2)
      tilt (~> 1.3, >= 1.3.3)
    slim (1.3.4)
      temple (~> 0.5.5)
      tilt (~> 1.3.3)
    temple (0.5.5)
    tilt (1.3.3)

PLATFORMS
  x86-mingw32

DEPENDENCIES
  bio (~> 1.4.3)
  nokogiri (~> 1.5.0)
  rubyzip
  sinatra
  slim (~> 1.3.4)
