GEM
  remote: https://rubygems.org/
  specs:
    activemodel (3.2.14)
      activesupport (= 3.2.14)
      builder (~> 3.0.0)
    activesupport (3.2.14)
      i18n (~> 0.6, >= 0.6.4)
      multi_json (~> 1.0)
    bio (1.4.3)
    bson (1.9.2)
    builder (3.0.4)
    i18n (0.6.5)
    mongo (1.9.2)
      bson (~> 1.9.2)
    mongo_mapper (0.12.0)
      activemodel (~> 3.0)
      activesupport (~> 3.0)
      plucky (~> 0.5.2)
    multi_json (1.8.1)
    nokogiri (1.5.5)
    nokogiri (1.5.5-x86-mingw32)
    plucky (0.5.2)
      mongo (~> 1.5)
    slim (1.3.4)
      temple (~> 0.5.5)
      tilt (~> 1.3.3)
    temple (0.5.5)
    tilt (1.3.3)

PLATFORMS
  ruby
  x86-mingw32

DEPENDENCIES
  bio (~> 1.4.3)
  mongo_mapper
  nokogiri (~> 1.5.0)
  slim (~> 1.3.4)
